GEM
  remote: https://rubygems.org/
  specs:
    json (2.1.0)
    parslet (1.8.2)
    rubytree (1.0.0)
      json (~> 2.1)
      structured_warnings (~> 0.3)
    structured_warnings (0.3.0)

PLATFORMS
  ruby

DEPENDENCIES
  parslet (~> 1.8)
  rubytree

BUNDLED WITH
   1.12.3
