GEM
  remote: https://rubygems.org/
  specs:
    parslet (1.8.2)

PLATFORMS
  ruby

DEPENDENCIES
  parslet (~> 1.8)

BUNDLED WITH
   1.12.3
