GEM
  remote: https://rubygems.org/
  specs:
    json (1.8.6)
    parslet (1.8.1)
    rubytree (0.9.7)
      json (~> 1.8)
      structured_warnings (~> 0.2)
    structured_warnings (0.3.0)
    tty-cursor (0.5.0)
    tty-reader (0.2.0)
      tty-cursor (~> 0.5.0)
      tty-screen (~> 0.6.4)
      wisper (~> 2.0.0)
    tty-screen (0.6.4)
    wisper (2.0.0)

PLATFORMS
  ruby

DEPENDENCIES
  parslet (~> 1.8)
  rubytree
  tty-reader

BUNDLED WITH
   1.12.3
